{
  "InstitutionName": "TNO laboratory (Netherlands)",
  "PowerLineFrequency": 50,
  "TaskName": "P300",
  "EEGChannelCount": 32,
  "MiscChannelCount": 6,
  "EEGReference": "common",
  "RecordingType": "continuous",
  "RecordingDuration": 1630,
  "SamplingFrequency": 512,
  "EOGChannelCount": 0,
  "ECGChannelCount": 0,
  "EMGChannelCount": 0,
  "SoftwareFilters": "n/a"
}